

GROUP Client
STORAGE: NONE
RESTRICTION: || (== net461) (== netstandard2.0)
NUGET
  remote: https://www.nuget.org/api/v2
    dotnet-fable (2.0.11) - clitool: true
    Fable.Core (2.0.2)
      FSharp.Core (>= 4.5.2) - restriction: || (&& (== net461) (>= netstandard2.0)) (== netstandard2.0)
    Fable.Elmish (2.0.3) - restriction: || (&& (== net461) (>= netstandard2.0)) (== netstandard2.0)
      Fable.Core (>= 2.0) - restriction: || (&& (== net461) (>= netstandard2.0)) (== netstandard2.0)
      Fable.PowerPack (>= 2.0.1) - restriction: || (&& (== net461) (>= netstandard2.0)) (== netstandard2.0)
      FSharp.Core (>= 4.5.2) - restriction: || (&& (== net461) (>= netstandard2.0)) (== netstandard2.0)
    Fable.Elmish.Browser (2.1)
      Fable.Core (>= 2.0) - restriction: || (&& (== net461) (>= netstandard2.0)) (== netstandard2.0)
      Fable.Elmish (>= 2.0) - restriction: || (&& (== net461) (>= netstandard2.0)) (== netstandard2.0)
      Fable.Import.Browser (>= 1.3) - restriction: || (&& (== net461) (>= netstandard2.0)) (== netstandard2.0)
      FSharp.Core (>= 4.5.2) - restriction: || (&& (== net461) (>= netstandard2.0)) (== netstandard2.0)
    Fable.Elmish.Debugger (2.0.2)
      Fable.Core (>= 2.0) - restriction: || (&& (== net461) (>= netstandard2.0)) (== netstandard2.0)
      Fable.Elmish (>= 2.0) - restriction: || (&& (== net461) (>= netstandard2.0)) (== netstandard2.0)
      FSharp.Core (>= 4.5.2) - restriction: || (&& (== net461) (>= netstandard2.0)) (== netstandard2.0)
    Fable.Elmish.HMR (3.0.2)
      Fable.Core (>= 2.0.1) - restriction: || (&& (== net461) (>= netstandard2.0)) (== netstandard2.0)
      Fable.Elmish (>= 2.0.3) - restriction: || (&& (== net461) (>= netstandard2.0)) (== netstandard2.0)
      Fable.Elmish.Browser (>= 2.1) - restriction: || (&& (== net461) (>= netstandard2.0)) (== netstandard2.0)
      Fable.Elmish.React (>= 2.1) - restriction: || (&& (== net461) (>= netstandard2.0)) (== netstandard2.0)
      Fable.Import.HMR (>= 0.1) - restriction: || (&& (== net461) (>= netstandard2.0)) (== netstandard2.0)
      Fable.React (>= 4.1.3) - restriction: || (&& (== net461) (>= netstandard2.0)) (== netstandard2.0)
      FSharp.Core (>= 4.5.2) - restriction: || (&& (== net461) (>= netstandard2.0)) (== netstandard2.0)
    Fable.Elmish.React (2.1)
      Fable.Core (>= 2.0) - restriction: || (&& (== net461) (>= netstandard2.0)) (== netstandard2.0)
      Fable.Elmish (>= 2.0) - restriction: || (&& (== net461) (>= netstandard2.0)) (== netstandard2.0)
      Fable.PowerPack (>= 2.0.1) - restriction: || (&& (== net461) (>= netstandard2.0)) (== netstandard2.0)
      Fable.React (>= 4.0.1) - restriction: || (&& (== net461) (>= netstandard2.0)) (== netstandard2.0)
      FSharp.Core (>= 4.5.2) - restriction: || (&& (== net461) (>= netstandard2.0)) (== netstandard2.0)
    Fable.Import.Browser (1.3) - restriction: || (&& (== net461) (>= netstandard2.0)) (== netstandard2.0)
      Fable.Core (>= 1.3.17) - restriction: || (&& (== net461) (>= netstandard1.6)) (== netstandard2.0)
    Fable.Import.HMR (0.1) - restriction: || (&& (== net461) (>= netstandard2.0)) (== netstandard2.0)
      Fable.Core (>= 1.3.17) - restriction: || (&& (== net461) (>= netstandard1.6)) (== netstandard2.0)
    Fable.PowerPack (2.0.2) - restriction: || (&& (== net461) (>= netstandard2.0)) (== netstandard2.0)
      Fable.Core (>= 2.0) - restriction: || (&& (== net461) (>= netstandard2.0)) (== netstandard2.0)
      Fable.Import.Browser (>= 1.3) - restriction: || (&& (== net461) (>= netstandard2.0)) (== netstandard2.0)
      FSharp.Core (>= 4.5.2) - restriction: || (&& (== net461) (>= netstandard2.0)) (== netstandard2.0)
      Thoth.Json (>= 2.0) - restriction: || (&& (== net461) (>= netstandard2.0)) (== netstandard2.0)
    Fable.React (4.1.3) - restriction: || (&& (== net461) (>= netstandard2.0)) (== netstandard2.0)
      Fable.Core (>= 2.0) - restriction: || (&& (== net461) (>= netstandard2.0)) (== netstandard2.0)
      Fable.Import.Browser (>= 1.3) - restriction: || (&& (== net461) (>= netstandard2.0)) (== netstandard2.0)
      FSharp.Core (>= 4.5.2) - restriction: || (&& (== net461) (>= netstandard2.0)) (== netstandard2.0)
    Fable.React.Flatpickr (2.0)
      Fable.Core (>= 2.0) - restriction: || (&& (== net461) (>= netstandard2.0)) (== netstandard2.0)
      Fable.React (>= 4.0.1) - restriction: || (&& (== net461) (>= netstandard2.0)) (== netstandard2.0)
      FSharp.Core (>= 4.5.2) - restriction: || (&& (== net461) (>= netstandard2.0)) (== netstandard2.0)
    FSharp.Core (4.5.3)
    Thoth.Json (2.5) - restriction: || (&& (== net461) (>= netstandard2.0)) (== netstandard2.0)
      Fable.Core (>= 2.0) - restriction: || (&& (== net461) (>= netstandard2.0)) (== netstandard2.0)
      FSharp.Core (>= 4.5.2) - restriction: || (&& (== net461) (>= netstandard2.0)) (== netstandard2.0)

GROUP Server
STORAGE: NONE
RESTRICTION: || (== net461) (== netstandard2.0)
NUGET
  remote: https://www.nuget.org/api/v2
    DotNetNuke.Core (8.0.4.226)
    DotNetNuke.WebApi (8.0.4.226)
      Microsoft.AspNet.WebApi.Client (>= 4.0.20710)
    FSharp.Core (4.5.3)
    Microsoft.AspNet.WebApi (5.2.3)
      Microsoft.AspNet.WebApi.WebHost (>= 5.2.3 < 5.3)
    Microsoft.AspNet.WebApi.Client (5.2.3)
      Newtonsoft.Json (>= 6.0.4) - restriction: || (== net461) (&& (== netstandard2.0) (>= portable-net45+win8+wp8+wp81+wpa81))
    Microsoft.AspNet.WebApi.Core (5.2.3)
      Microsoft.AspNet.WebApi.Client (>= 5.2.3)
    Microsoft.AspNet.WebApi.WebHost (5.2.3)
      Microsoft.AspNet.WebApi.Core (>= 5.2.3 < 5.3)
    Newtonsoft.Json (11.0.2)
    System.ValueTuple (4.5)
    Thoth.Json.Net (2.5)
      FSharp.Core (>= 4.5.2)
      Newtonsoft.Json (>= 11.0.2)
